GIT
  remote: https://github.com/rapid7/metasploit-framework
  revision: 592eedc5584953fb94b01a9aae48ec04d2cf153a
  ref: refs/tags/5.0.90
  specs:
    metasploit-framework (5.0.90)
      actionpack (~> 4.2.6)
      activerecord (~> 4.2.6)
      activesupport (~> 4.2.6)
      aws-sdk-ec2
      aws-sdk-iam
      aws-sdk-s3
      bcrypt (= 3.1.12)
      bcrypt_pbkdf
      bit-struct
      bson
      concurrent-ruby (= 1.0.5)
      dnsruby
      ed25519
      em-http-request
      eventmachine
      faker
      faraday
      faye-websocket
      filesize
      hrr_rb_ssh (= 0.3.0.pre2)
      jsobfu
      json
      metasm
      metasploit-concern (~> 2.0.0)
      metasploit-credential (~> 3.0.0)
      metasploit-model (~> 2.0.4)
      metasploit-payloads (= 1.4.2)
      metasploit_data_models (~> 3.0.10)
      metasploit_payloads-mettle (= 0.5.21)
      mqtt
      msgpack
      nessus_rest
      net-ldap
      net-ssh
      network_interface
      nexpose
      nokogiri
      octokit
      openssl-ccm
      openvas-omp
      packetfu
      patch_finder
      pcaprub
      pdf-reader
      pg (~> 0.20)
      railties
      rb-readline
      recog
      redcarpet
      rex-arch
      rex-bin_tools
      rex-core
      rex-encoder
      rex-exploitation
      rex-java
      rex-mime
      rex-nop
      rex-ole
      rex-powershell
      rex-random_identifier
      rex-registry
      rex-rop_builder
      rex-socket
      rex-sslscan
      rex-struct2
      rex-text
      rex-zip
      ruby-macho
      ruby_smb
      rubyntlm
      rubyzip
      sinatra
      sqlite3
      sshkey
      thin
      tzinfo
      tzinfo-data
      warden
      windows_error
      xdr
      xmlrpc

GEM
  remote: https://rubygems.org/
  specs:
    Ascii85 (1.1.0)
    actionpack (4.2.11.3)
      actionview (= 4.2.11.3)
      activesupport (= 4.2.11.3)
      rack (~> 1.6)
      rack-test (~> 0.6.2)
      rails-dom-testing (~> 1.0, >= 1.0.5)
      rails-html-sanitizer (~> 1.0, >= 1.0.2)
    actionview (4.2.11.3)
      activesupport (= 4.2.11.3)
      builder (~> 3.1)
      erubis (~> 2.7.0)
      rails-dom-testing (~> 1.0, >= 1.0.5)
      rails-html-sanitizer (~> 1.0, >= 1.0.3)
    activemodel (4.2.11.3)
      activesupport (= 4.2.11.3)
      builder (~> 3.1)
    activerecord (4.2.11.3)
      activemodel (= 4.2.11.3)
      activesupport (= 4.2.11.3)
      arel (~> 6.0)
    activesupport (4.2.11.3)
      i18n (~> 0.7)
      minitest (~> 5.1)
      thread_safe (~> 0.3, >= 0.3.4)
      tzinfo (~> 1.1)
    addressable (2.7.0)
      public_suffix (>= 2.0.2, < 5.0)
    afm (0.2.2)
    arel (6.0.4)
    arel-helpers (2.12.0)
      activerecord (>= 3.1.0, < 7)
    aws-eventstream (1.1.1)
    aws-partitions (1.470.0)
    aws-sdk-core (3.115.0)
      aws-eventstream (~> 1, >= 1.0.2)
      aws-partitions (~> 1, >= 1.239.0)
      aws-sigv4 (~> 1.1)
      jmespath (~> 1.0)
    aws-sdk-ec2 (1.245.0)
      aws-sdk-core (~> 3, >= 3.112.0)
      aws-sigv4 (~> 1.1)
    aws-sdk-iam (1.55.0)
      aws-sdk-core (~> 3, >= 3.112.0)
      aws-sigv4 (~> 1.1)
    aws-sdk-kms (1.44.0)
      aws-sdk-core (~> 3, >= 3.112.0)
      aws-sigv4 (~> 1.1)
    aws-sdk-s3 (1.96.1)
      aws-sdk-core (~> 3, >= 3.112.0)
      aws-sdk-kms (~> 1)
      aws-sigv4 (~> 1.1)
    aws-sigv4 (1.2.3)
      aws-eventstream (~> 1, >= 1.0.2)
    bcrypt (3.1.12)
    bcrypt_pbkdf (1.1.0)
    bindata (2.4.10)
    bit-struct (0.17)
    bson (4.12.1)
    builder (3.2.4)
    concurrent-ruby (1.0.5)
    cookiejar (0.3.3)
    crass (1.0.6)
    daemons (1.4.0)
    dnsruby (1.61.7)
      simpleidn (~> 0.1)
    ed25519 (1.2.4)
    em-http-request (1.1.7)
      addressable (>= 2.3.4)
      cookiejar (!= 0.3.1)
      em-socksify (>= 0.3)
      eventmachine (>= 1.0.3)
      http_parser.rb (>= 0.6.0)
    em-socksify (0.3.2)
      eventmachine (>= 1.0.0.beta.4)
    erubis (2.7.0)
    eventmachine (1.2.7)
    faker (2.2.1)
      i18n (>= 0.8)
    faraday (1.4.3)
      faraday-em_http (~> 1.0)
      faraday-em_synchrony (~> 1.0)
      faraday-excon (~> 1.1)
      faraday-net_http (~> 1.0)
      faraday-net_http_persistent (~> 1.1)
      multipart-post (>= 1.2, < 3)
      ruby2_keywords (>= 0.0.4)
    faraday-em_http (1.0.0)
    faraday-em_synchrony (1.0.0)
    faraday-excon (1.1.0)
    faraday-net_http (1.0.1)
    faraday-net_http_persistent (1.1.0)
    faye-websocket (0.11.1)
      eventmachine (>= 0.12.0)
      websocket-driver (>= 0.5.1)
    filesize (0.2.0)
    hashery (2.1.2)
    hrr_rb_ssh (0.3.0.pre2)
      ed25519 (~> 1.2)
    http_parser.rb (0.6.0)
    i18n (0.9.5)
      concurrent-ruby (~> 1.0)
    jmespath (1.4.0)
    jsobfu (0.4.2)
      rkelly-remix
    json (2.5.1)
    loofah (2.10.0)
      crass (~> 1.0.2)
      nokogiri (>= 1.5.9)
    metasm (1.0.4)
    metasploit-concern (2.0.5)
      activemodel (~> 4.2.6)
      activesupport (~> 4.2.6)
      railties (~> 4.2.6)
    metasploit-credential (3.0.4)
      metasploit-concern
      metasploit-model
      metasploit_data_models (>= 3.0.0)
      net-ssh
      pg
      railties
      rex-socket
      rubyntlm
      rubyzip
    metasploit-model (2.0.4)
      activemodel (~> 4.2.6)
      activesupport (~> 4.2.6)
      railties (~> 4.2.6)
    metasploit-payloads (1.4.2)
    metasploit_data_models (3.0.10)
      activerecord (~> 4.2.6)
      activesupport (~> 4.2.6)
      arel-helpers
      metasploit-concern
      metasploit-model
      pg
      postgres_ext
      railties (~> 4.2.6)
      recog (~> 2.0)
    metasploit_payloads-mettle (0.5.21)
    mini_portile2 (2.5.3)
    minitest (5.14.4)
    mqtt (0.5.0)
    msgpack (1.4.2)
    multipart-post (2.1.1)
    nessus_rest (0.1.6)
    net-ldap (0.17.0)
    net-ssh (6.1.0)
    network_interface (0.0.2)
    nexpose (7.3.0)
    nokogiri (1.11.7)
      mini_portile2 (~> 2.5.0)
      racc (~> 1.4)
    octokit (4.21.0)
      faraday (>= 0.9)
      sawyer (~> 0.8.0, >= 0.5.3)
    openssl-ccm (1.2.2)
    openssl-cmac (2.0.1)
    openvas-omp (0.0.4)
    packetfu (1.1.13)
      pcaprub
    patch_finder (1.0.2)
    pcaprub (0.13.0)
    pdf-reader (2.5.0)
      Ascii85 (~> 1.0)
      afm (~> 0.2.1)
      hashery (~> 2.0)
      ruby-rc4
      ttfunk
    pg (0.21.0)
    pg_array_parser (0.0.9)
    postgres_ext (3.0.1)
      activerecord (~> 4.0)
      arel (>= 4.0.1)
      pg_array_parser (~> 0.0.9)
    public_suffix (4.0.6)
    racc (1.5.2)
    rack (1.6.13)
    rack-protection (1.5.5)
      rack
    rack-test (0.6.3)
      rack (>= 1.0)
    rails-deprecated_sanitizer (1.0.4)
      activesupport (>= 4.2.0.alpha)
    rails-dom-testing (1.0.9)
      activesupport (>= 4.2.0, < 5.0)
      nokogiri (~> 1.6)
      rails-deprecated_sanitizer (>= 1.0.1)
    rails-html-sanitizer (1.3.0)
      loofah (~> 2.3)
    railties (4.2.11.3)
      actionpack (= 4.2.11.3)
      activesupport (= 4.2.11.3)
      rake (>= 0.8.7)
      thor (>= 0.18.1, < 2.0)
    rake (13.0.3)
    rb-readline (0.5.5)
    recog (2.3.20)
      nokogiri
    redcarpet (3.5.1)
    rex-arch (0.1.14)
      rex-text
    rex-bin_tools (0.1.7)
      metasm
      rex-arch
      rex-core
      rex-struct2
      rex-text
    rex-core (0.1.16)
    rex-encoder (0.1.5)
      metasm
      rex-arch
      rex-text
    rex-exploitation (0.1.27)
      jsobfu
      metasm
      rex-arch
      rex-encoder
      rex-text
      rexml
    rex-java (0.1.6)
    rex-mime (0.1.6)
      rex-text
    rex-nop (0.1.2)
      rex-arch
    rex-ole (0.1.7)
      rex-text
    rex-powershell (0.1.90)
      rex-random_identifier
      rex-text
      ruby-rc4
    rex-random_identifier (0.1.5)
      rex-text
    rex-registry (0.1.4)
    rex-rop_builder (0.1.4)
      metasm
      rex-core
      rex-text
    rex-socket (0.1.29)
      rex-core
    rex-sslscan (0.1.6)
      rex-core
      rex-socket
      rex-text
    rex-struct2 (0.1.3)
    rex-text (0.2.34)
    rex-zip (0.1.4)
      rex-text
    rexml (3.2.5)
    rkelly-remix (0.0.7)
    ruby-macho (2.5.1)
    ruby-rc4 (0.1.5)
    ruby2_keywords (0.0.4)
    ruby_smb (2.0.10)
      bindata
      openssl-ccm
      openssl-cmac
      rubyntlm
      windows_error
    rubyntlm (0.6.3)
    rubyzip (2.3.0)
    sawyer (0.8.2)
      addressable (>= 2.3.5)
      faraday (> 0.8, < 2.0)
    simpleidn (0.2.1)
      unf (~> 0.1.4)
    sinatra (1.4.8)
      rack (~> 1.5)
      rack-protection (~> 1.4)
      tilt (>= 1.3, < 3)
    sqlite3 (1.4.2)
    sshkey (2.0.0)
    thin (1.8.1)
      daemons (~> 1.0, >= 1.0.9)
      eventmachine (~> 1.0, >= 1.0.4)
      rack (>= 1, < 3)
    thor (1.1.0)
    thread_safe (0.3.6)
    tilt (2.0.10)
    ttfunk (1.7.0)
    tzinfo (1.2.9)
      thread_safe (~> 0.1)
    tzinfo-data (1.2021.1)
      tzinfo (>= 1.0.0)
    unf (0.1.4)
      unf_ext
    unf_ext (0.0.7.7)
    warden (1.2.7)
      rack (>= 1.0)
    webrick (1.7.0)
    websocket-driver (0.7.5)
      websocket-extensions (>= 0.1.0)
    websocket-extensions (0.1.5)
    windows_error (0.1.2)
    xdr (3.0.2)
      activemodel (>= 4.2, < 7.0)
      activesupport (>= 4.2, < 7.0)
    xmlrpc (0.3.2)
      webrick

PLATFORMS
  ruby

DEPENDENCIES
  metasploit-framework!

BUNDLED WITH
   2.1.4
