GEM
  remote: https://rubygems.org/
  specs:
    activesupport (5.2.4.4)
      concurrent-ruby (~> 1.0, >= 1.0.2)
      i18n (>= 0.7, < 2)
      minitest (~> 5.1)
      tzinfo (~> 1.1)
    addressable (2.7.0)
      public_suffix (>= 2.0.2, < 5.0)
    cms_scanner (0.8.6)
      get_process_mem (~> 0.2.5)
      nokogiri (~> 1.10.8)
      opt_parse_validator (~> 1.8.2)
      public_suffix (~> 4.0.3)
      ruby-progressbar (~> 1.10.0)
      sys-proctable (~> 1.2.2)
      typhoeus (~> 1.3.0)
      xmlrpc (~> 0.3)
      yajl-ruby (~> 1.4.1)
    concurrent-ruby (1.1.7)
    ethon (0.12.0)
      ffi (>= 1.3.0)
    ffi (1.14.2)
    get_process_mem (0.2.7)
      ffi (~> 1.0)
    i18n (1.8.5)
      concurrent-ruby (~> 1.0)
    mini_portile2 (2.4.0)
    minitest (5.14.2)
    nokogiri (1.10.10)
      mini_portile2 (~> 2.4.0)
    opt_parse_validator (1.8.2)
      activesupport (>= 5.2, < 6.1.0)
      addressable (>= 2.5, < 2.8)
    public_suffix (4.0.6)
    ruby-progressbar (1.10.1)
    sys-proctable (1.2.6)
      ffi
    thread_safe (0.3.6)
    typhoeus (1.3.1)
      ethon (>= 0.9.0)
    tzinfo (1.2.9)
      thread_safe (~> 0.1)
    wpscan (3.7.11)
      cms_scanner (~> 0.8.6)
    xmlrpc (0.3.1)
    yajl-ruby (1.4.1)

PLATFORMS
  ruby

DEPENDENCIES
  wpscan (>= 3.7.5)

BUNDLED WITH
   1.17.3
